PATH
  remote: .
  specs:
    devkitkat (0.1.37)
      activesupport (~> 6.0.0)
      colorize (~> 0.8.1)
      docker-api (~> 2.0.0)
      parallel (~> 1.17.0)
      pry (~> 0.12.2)
      pry-nav
      require_all (~> 3.0.0)
      ruby-progressbar (~> 1.10.1)

GEM
  remote: https://rubygems.org/
  specs:
    activesupport (6.0.6.1)
      concurrent-ruby (~> 1.0, >= 1.0.2)
      i18n (>= 0.7, < 2)
      minitest (~> 5.1)
      tzinfo (~> 1.1)
      zeitwerk (~> 2.2, >= 2.2.2)
    coderay (1.1.3)
    colorize (0.8.1)
    concurrent-ruby (1.2.2)
    diff-lcs (1.3)
    docker-api (2.0.0)
      excon (>= 0.47.0)
      multi_json
    excon (0.100.0)
    i18n (1.14.1)
      concurrent-ruby (~> 1.0)
    method_source (0.9.2)
    minitest (5.19.0)
    multi_json (1.15.0)
    parallel (1.17.0)
    pry (0.12.2)
      coderay (~> 1.1.0)
      method_source (~> 0.9.0)
    pry-nav (1.0.0)
      pry (>= 0.9.10, < 0.15)
    rake (12.3.3)
    require_all (3.0.0)
    rspec (3.8.0)
      rspec-core (~> 3.8.0)
      rspec-expectations (~> 3.8.0)
      rspec-mocks (~> 3.8.0)
    rspec-core (3.8.2)
      rspec-support (~> 3.8.0)
    rspec-expectations (3.8.4)
      diff-lcs (>= 1.2.0, < 2.0)
      rspec-support (~> 3.8.0)
    rspec-mocks (3.8.1)
      diff-lcs (>= 1.2.0, < 2.0)
      rspec-support (~> 3.8.0)
    rspec-support (3.8.2)
    rspec-temp_dir (1.1.0)
      rspec (>= 3.0)
    ruby-progressbar (1.10.1)
    thread_safe (0.3.6)
    tzinfo (1.2.11)
      thread_safe (~> 0.1)
    zeitwerk (2.6.9)

PLATFORMS
  ruby

DEPENDENCIES
  bundler (~> 2.1.4)
  devkitkat!
  rake (~> 12.3.3)
  rspec (~> 3.0)
  rspec-temp_dir (~> 1.1.0)

BUNDLED WITH
   2.1.4
